GEM
  remote: http://rubygems.org/
  specs:
    ethon (0.5.2)
      ffi (~> 1.0.11)
      mime-types (~> 1.18)
    ffi (1.0.11)
    mime-types (1.19)
    nokogiri (1.5.5)
    nokogiri (1.5.5-x86-mingw32)
    typhoeus (0.5.0)
      ethon (= 0.5.2)

PLATFORMS
  ruby
  x86-mingw32

DEPENDENCIES
  nokogiri
  typhoeus
